GEM
  remote: http://ruby.taobao.org/
  specs:
    backports (3.6.4)
    bson (1.12.1)
    bson_ext (1.12.1)
      bson (~> 1.12.1)
    mina (0.3.4)
      open4 (~> 1.3.4)
      rake
    mongo (1.12.1)
      bson (= 1.12.1)
    multi_json (1.11.0)
    open4 (1.3.4)
    puma (2.11.2)
      rack (>= 1.1, < 2.0)
    rack (1.6.1)
    rack-protection (1.5.3)
      rack
    rack-test (0.6.3)
      rack (>= 1.0)
    rake (10.4.2)
    sinatra (1.4.6)
      rack (~> 1.4)
      rack-protection (~> 1.4)
      tilt (>= 1.3, < 3)
    sinatra-contrib (1.4.2)
      backports (>= 2.0)
      multi_json
      rack-protection
      rack-test
      sinatra (~> 1.4.0)
      tilt (~> 1.3)
    tilt (1.4.1)

PLATFORMS
  ruby

DEPENDENCIES
  bson_ext
  mina
  mongo
  puma
  sinatra
  sinatra-contrib
