GEM
  remote: http://ruby.taobao.org/
  specs:
    bson (1.12.1)
    bson_ext (1.12.1)
      bson (~> 1.12.1)
    mina (0.3.4)
      open4 (~> 1.3.4)
      rake
    mongo (1.12.1)
      bson (= 1.12.1)
    open4 (1.3.4)
    puma (2.11.2)
      rack (>= 1.1, < 2.0)
    rack (1.6.1)
    rack-protection (1.5.3)
      rack
    rake (10.4.2)
    sinatra (1.4.6)
      rack (~> 1.4)
      rack-protection (~> 1.4)
      tilt (>= 1.3, < 3)
    tilt (2.0.1)

PLATFORMS
  ruby

DEPENDENCIES
  bson_ext
  mina
  mongo
  puma
  sinatra
